PATH
  remote: .
  specs:
    better_toolbar (0.1.0)

GEM
  remote: https://rubygems.org/
  specs:
    rake (12.3.1)

PLATFORMS
  ruby

DEPENDENCIES
  better_toolbar!
  rake

BUNDLED WITH
   1.16.2
